FRAMEWORK: NET45
NUGET
  remote: https://www.nuget.org/api/v2
    FAKE (4.61.3)
    Octokit (0.24)
GIT
  remote: https://github.com/fsharp/FsAutoComplete.git
     (13a2f30eea9321b1586981490841b126a6c1e555)
      build: build.cmd LocalRelease
      os: windows
     (13a2f30eea9321b1586981490841b126a6c1e555)
      build: build.sh LocalRelease
      os: mono
  remote: https://github.com/fsharp-editing/Forge.git
     (67e2d8961f15b590bd4a32726ad883c52082a6b1)
      build: build.cmd Build
      os: windows
     (67e2d8961f15b590bd4a32726ad883c52082a6b1)
      build: build.sh Build
      os: mono
  remote: https://github.com/ionide/ionide-fsgrammar.git
     (f2e3c30f0ebfcc89fb78ad908701159f20516812)
GITHUB
  remote: fsharp/FAKE
    modules/Octokit/Octokit.fsx (395ce583e1261e08848e9492ba42a5c1203511bc)
      Octokit (>= 0.20)
  remote: Ionide/ionide-vscode-helpers
    Fable.Import.Axios.fs (7ae8824950760c981f482f668b6a27ef8a3d6ba4)
    Fable.Import.VSCode.fs (7ae8824950760c981f482f668b6a27ef8a3d6ba4)
    Fable.Import.ws.fs (7ae8824950760c981f482f668b6a27ef8a3d6ba4)
    Helpers.fs (7ae8824950760c981f482f668b6a27ef8a3d6ba4)